GEM
  remote: https://rubygems.org/
  specs:
    actioncable (7.0.1)
      actionpack (= 7.0.1)
      activesupport (= 7.0.1)
      nio4r (~> 2.0)
      websocket-driver (>= 0.6.1)
    actionmailbox (7.0.1)
      actionpack (= 7.0.1)
      activejob (= 7.0.1)
      activerecord (= 7.0.1)
      activestorage (= 7.0.1)
      activesupport (= 7.0.1)
      mail (>= 2.7.1)
      net-imap
      net-pop
      net-smtp
    actionmailer (7.0.1)
      actionpack (= 7.0.1)
      actionview (= 7.0.1)
      activejob (= 7.0.1)
      activesupport (= 7.0.1)
      mail (~> 2.5, >= 2.5.4)
      net-imap
      net-pop
      net-smtp
      rails-dom-testing (~> 2.0)
    actionpack (7.0.1)
      actionview (= 7.0.1)
      activesupport (= 7.0.1)
      rack (~> 2.0, >= 2.2.0)
      rack-test (>= 0.6.3)
      rails-dom-testing (~> 2.0)
      rails-html-sanitizer (~> 1.0, >= 1.2.0)
    actiontext (7.0.1)
      actionpack (= 7.0.1)
      activerecord (= 7.0.1)
      activestorage (= 7.0.1)
      activesupport (= 7.0.1)
      globalid (>= 0.6.0)
      nokogiri (>= 1.8.5)
    actionview (7.0.1)
      activesupport (= 7.0.1)
      builder (~> 3.1)
      erubi (~> 1.4)
      rails-dom-testing (~> 2.0)
      rails-html-sanitizer (~> 1.1, >= 1.2.0)
    activejob (7.0.1)
      activesupport (= 7.0.1)
      globalid (>= 0.3.6)
    activemodel (7.0.1)
      activesupport (= 7.0.1)
    activerecord (7.0.1)
      activemodel (= 7.0.1)
      activesupport (= 7.0.1)
    activestorage (7.0.1)
      actionpack (= 7.0.1)
      activejob (= 7.0.1)
      activerecord (= 7.0.1)
      activesupport (= 7.0.1)
      marcel (~> 1.0)
      mini_mime (>= 1.1.0)
    activesupport (7.0.1)
      concurrent-ruby (~> 1.0, >= 1.0.2)
      i18n (>= 1.6, < 2)
      minitest (>= 5.1)
      tzinfo (~> 2.0)
    acts_as_list (1.0.4)
      activerecord (>= 4.2)
    addressable (2.8.0)
      public_suffix (>= 2.0.2, < 5.0)
    aws-eventstream (1.2.0)
    aws-partitions (1.546.0)
    aws-sdk-core (3.125.1)
      aws-eventstream (~> 1, >= 1.0.2)
      aws-partitions (~> 1, >= 1.525.0)
      aws-sigv4 (~> 1.1)
      jmespath (~> 1.0)
    aws-sdk-kms (1.53.0)
      aws-sdk-core (~> 3, >= 3.125.0)
      aws-sigv4 (~> 1.1)
    aws-sdk-s3 (1.111.1)
      aws-sdk-core (~> 3, >= 3.125.0)
      aws-sdk-kms (~> 1)
      aws-sigv4 (~> 1.4)
    aws-sigv4 (1.4.0)
      aws-eventstream (~> 1, >= 1.0.2)
    bcrypt (3.1.16)
    bootsnap (1.9.3)
      msgpack (~> 1.0)
    brotli (0.4.0)
    builder (3.2.4)
    cancancan (3.3.0)
    concurrent-ruby (1.1.9)
    connection_pool (2.2.5)
    crass (1.0.6)
    devise (4.8.1)
      bcrypt (~> 3.0)
      orm_adapter (~> 0.1)
      railties (>= 4.1.0)
      responders
      warden (~> 1.2.3)
    digest (3.1.0)
    domain_name (0.5.20190701)
      unf (>= 0.0.5, < 1.0.0)
    elasticsearch (7.13.3)
      elasticsearch-api (= 7.13.3)
      elasticsearch-transport (= 7.13.3)
    elasticsearch-api (7.13.3)
      multi_json
    elasticsearch-transport (7.13.3)
      faraday (~> 1)
      multi_json
    erubi (1.10.0)
    faraday (1.9.3)
      faraday-em_http (~> 1.0)
      faraday-em_synchrony (~> 1.0)
      faraday-excon (~> 1.1)
      faraday-httpclient (~> 1.0)
      faraday-multipart (~> 1.0)
      faraday-net_http (~> 1.0)
      faraday-net_http_persistent (~> 1.0)
      faraday-patron (~> 1.0)
      faraday-rack (~> 1.0)
      faraday-retry (~> 1.0)
      ruby2_keywords (>= 0.0.4)
    faraday-em_http (1.0.0)
    faraday-em_synchrony (1.0.0)
    faraday-excon (1.1.0)
    faraday-httpclient (1.0.1)
    faraday-multipart (1.0.2)
      multipart-post (>= 1.2, < 3)
    faraday-net_http (1.0.1)
    faraday-net_http_persistent (1.2.0)
    faraday-patron (1.0.0)
    faraday-rack (1.0.0)
    faraday-retry (1.0.3)
    ffi (1.15.4)
    friendly_id (5.4.2)
      activerecord (>= 4.0.0)
    geocoder (1.7.2)
    globalid (1.0.0)
      activesupport (>= 5.0)
    hashie (5.0.0)
    http-accept (1.7.0)
    http-cookie (1.0.4)
      domain_name (~> 0.5)
    i18n (1.8.11)
      concurrent-ruby (~> 1.0)
    image_processing (1.12.1)
      mini_magick (>= 4.9.5, < 5)
      ruby-vips (>= 2.0.17, < 3)
    io-wait (0.2.1)
    jbuilder (2.11.5)
      actionview (>= 5.0.0)
      activesupport (>= 5.0.0)
    jmespath (1.4.0)
    kaminari (1.2.2)
      activesupport (>= 4.1.0)
      kaminari-actionview (= 1.2.2)
      kaminari-activerecord (= 1.2.2)
      kaminari-core (= 1.2.2)
    kaminari-actionview (1.2.2)
      actionview
      kaminari-core (= 1.2.2)
    kaminari-activerecord (1.2.2)
      activerecord
      kaminari-core (= 1.2.2)
    kaminari-core (1.2.2)
    lograge (0.11.2)
      actionpack (>= 4)
      activesupport (>= 4)
      railties (>= 4)
      request_store (~> 1.0)
    loofah (2.13.0)
      crass (~> 1.0.2)
      nokogiri (>= 1.5.9)
    mail (2.7.1)
      mini_mime (>= 0.1.1)
    marcel (1.0.2)
    meta-tags (2.16.0)
      actionpack (>= 3.2.0, < 7.1)
    method_source (1.0.0)
    mime-types (3.4.1)
      mime-types-data (~> 3.2015)
    mime-types-data (3.2022.0105)
    mini_magick (4.11.0)
    mini_mime (1.1.2)
    mini_portile2 (2.7.1)
    minitest (5.15.0)
    msgpack (1.4.2)
    multi_json (1.15.0)
    multipart-post (2.1.1)
    net-imap (0.2.3)
      digest
      net-protocol
      strscan
    net-pop (0.1.1)
      digest
      net-protocol
      timeout
    net-protocol (0.1.2)
      io-wait
      timeout
    net-smtp (0.3.1)
      digest
      net-protocol
      timeout
    netrc (0.11.0)
    nio4r (2.5.8)
    nokogiri (1.13.0)
      mini_portile2 (~> 2.7.0)
      racc (~> 1.4)
    nokogiri (1.13.0-x86_64-linux)
      racc (~> 1.4)
    oj (3.13.11)
    orm_adapter (0.5.0)
    pagy (5.7.0)
    pg (1.2.3)
    public_suffix (4.0.6)
    puma (5.5.2)
      nio4r (~> 2.0)
    racc (1.6.0)
    rack (2.2.3)
    rack-attack (6.5.0)
      rack (>= 1.0, < 3)
    rack-brotli (1.2.0)
      brotli (>= 0.1.7)
      rack (>= 1.4)
    rack-canonical-host (1.1.0)
      addressable (> 0, < 3)
      rack (>= 1.0.0, < 3)
    rack-cors (1.1.1)
      rack (>= 2.0.0)
    rack-test (1.1.0)
      rack (>= 1.0, < 3)
    rails (7.0.1)
      actioncable (= 7.0.1)
      actionmailbox (= 7.0.1)
      actionmailer (= 7.0.1)
      actionpack (= 7.0.1)
      actiontext (= 7.0.1)
      actionview (= 7.0.1)
      activejob (= 7.0.1)
      activemodel (= 7.0.1)
      activerecord (= 7.0.1)
      activestorage (= 7.0.1)
      activesupport (= 7.0.1)
      bundler (>= 1.15.0)
      railties (= 7.0.1)
    rails-dom-testing (2.0.3)
      activesupport (>= 4.2.0)
      nokogiri (>= 1.6)
    rails-html-sanitizer (1.4.2)
      loofah (~> 2.3)
    railties (7.0.1)
      actionpack (= 7.0.1)
      activesupport (= 7.0.1)
      method_source
      rake (>= 12.2)
      thor (~> 1.0)
      zeitwerk (~> 2.5)
    rake (13.0.6)
    redcarpet (3.5.1)
    redis (4.5.1)
    request_store (1.5.0)
      rack (>= 1.4)
    responders (3.0.1)
      actionpack (>= 5.0)
      railties (>= 5.0)
    rest-client (2.1.0)
      http-accept (>= 1.7.0, < 2.0)
      http-cookie (>= 1.0.2, < 2.0)
      mime-types (>= 1.16, < 4.0)
      netrc (~> 0.8)
    rollbar (3.3.0)
    ruby-vips (2.1.4)
      ffi (~> 1.12)
    ruby2_keywords (0.0.5)
    sass-rails (6.0.0)
      sassc-rails (~> 2.1, >= 2.1.1)
    sassc (2.4.0)
      ffi (~> 1.9)
    sassc-rails (2.1.2)
      railties (>= 4.0.0)
      sassc (>= 2.0)
      sprockets (> 3.0)
      sprockets-rails
      tilt
    searchkick (4.6.3)
      activemodel (>= 5)
      elasticsearch (>= 6, < 7.14)
      hashie
    sidekiq (6.3.1)
      connection_pool (>= 2.2.2)
      rack (~> 2.0)
      redis (>= 4.2.0)
    slim (4.1.0)
      temple (>= 0.7.6, < 0.9)
      tilt (>= 2.0.6, < 2.1)
    sprockets (4.0.2)
      concurrent-ruby (~> 1.0)
      rack (> 1, < 3)
    sprockets-rails (3.4.2)
      actionpack (>= 5.2)
      activesupport (>= 5.2)
      sprockets (>= 3.0.0)
    strscan (3.0.1)
    temple (0.8.2)
    thor (1.2.1)
    tilt (2.0.10)
    timeout (0.2.0)
    trestle (0.9.5)
      activemodel (>= 4.2.0)
      kaminari (>= 1.1.0)
      railties (>= 4.2.0)
      sprockets-rails (>= 2.0.0)
    turbo-rails (1.0.0)
      actionpack (>= 6.0.0)
      railties (>= 6.0.0)
    turbolinks (5.2.1)
      turbolinks-source (~> 5.2)
    turbolinks-source (5.2.0)
    turbolinks_render (0.9.21)
      actionpack (>= 5.2.0)
      activesupport (>= 5.2.0)
      railties (>= 5.2.0)
      turbolinks-source (~> 5.1)
    tzinfo (2.0.4)
      concurrent-ruby (~> 1.0)
    unf (0.1.4)
      unf_ext
    unf_ext (0.0.8)
    warden (1.2.9)
      rack (>= 2.0.9)
    websocket-driver (0.7.5)
      websocket-extensions (>= 0.1.0)
    websocket-extensions (0.1.5)
    zeitwerk (2.5.3)

PLATFORMS
  ruby
  x86_64-linux

DEPENDENCIES
  acts_as_list
  aws-sdk-s3
  bootsnap (>= 1.4.4)
  cancancan
  devise
  friendly_id
  geocoder
  image_processing (~> 1.2)
  jbuilder (~> 2.7)
  lograge
  meta-tags
  oj
  pagy
  pg (>= 0.18, < 2.0)
  puma (~> 5.0)
  rack-attack
  rack-brotli
  rack-canonical-host
  rack-cors
  rails (~> 7.0.0)
  redcarpet
  rest-client
  rollbar
  sass-rails (>= 6)
  searchkick
  sidekiq
  slim
  sprockets-rails
  trestle
  turbo-rails
  turbolinks (~> 5)
  turbolinks_render

RUBY VERSION
   ruby 3.0.3p157

BUNDLED WITH
   2.2.32
